GEM
  remote: https://rubygems.org/
  specs:
    binding_of_caller (1.0.0)
      debug_inspector (>= 0.0.1)
    coderay (1.1.3)
    debug_inspector (1.1.0)
    diff-lcs (1.4.4)
    method_source (1.0.0)
    pry (0.14.1)
      coderay (~> 1.1)
      method_source (~> 1.0)
    pry-stack_explorer (0.6.1)
      binding_of_caller (~> 1.0)
      pry (~> 0.13)
    rspec (3.10.0)
      rspec-core (~> 3.10.0)
      rspec-expectations (~> 3.10.0)
      rspec-mocks (~> 3.10.0)
    rspec-core (3.10.1)
      rspec-support (~> 3.10.0)
    rspec-expectations (3.10.1)
      diff-lcs (>= 1.2.0, < 2.0)
      rspec-support (~> 3.10.0)
    rspec-mocks (3.10.2)
      diff-lcs (>= 1.2.0, < 2.0)
      rspec-support (~> 3.10.0)
    rspec-support (3.10.3)
    zeitwerk (2.5.1)

PLATFORMS
  arm64-darwin-21

DEPENDENCIES
  pry
  pry-stack_explorer
  rspec
  zeitwerk

BUNDLED WITH
   2.2.32
